GEM
  remote: https://rubygems.org/
  specs:
    git (1.3.0)
    git_clone_url (2.0.0)
      uri-ssh_git (>= 2.0)
    molinillo (0.5.4)
    semverse (2.0.0)
    solve (3.1.0)
      molinillo (>= 0.5)
      semverse (>= 1.1, < 3.0)
    uri-ssh_git (2.0.0)

PLATFORMS
  ruby

DEPENDENCIES
  git (~> 1.3)
  git_clone_url (~> 2.0)
  solve (~> 3.1)

BUNDLED WITH
   1.13.6
