GEM
  remote: https://rubygems.org/
  specs:
    dep-selector-libgecode (1.3.1)
    dep_selector (1.0.4)
      dep-selector-libgecode (~> 1.0)
      ffi (~> 1.9)
    ffi (1.9.14)
    git (1.3.0)
    git_clone_url (2.0.0)
      uri-ssh_git (>= 2.0)
    uri-ssh_git (2.0.0)

PLATFORMS
  ruby

DEPENDENCIES
  dep_selector (~> 1.0, >= 1.0.3)
  git (~> 1.3)
  git_clone_url (~> 2.0)

BUNDLED WITH
   1.13.6
