GEM
  remote: https://rubygems.org/
  specs:
    colorize (0.8.1)
    commander (4.4.2)
      highline (~> 1.7.2)
    elm_install (0.1.0)
      colorize (~> 0.8.1)
      commander (~> 4.4, >= 4.4.2)
      git (~> 1.3)
      git_clone_url (~> 2.0)
      solve (~> 3.1)
    git (1.3.0)
    git_clone_url (2.0.0)
      uri-ssh_git (>= 2.0)
    highline (1.7.8)
    molinillo (0.5.4)
    semverse (2.0.0)
    solve (3.1.0)
      molinillo (>= 0.5)
      semverse (>= 1.1, < 3.0)
    uri-ssh_git (2.0.0)

PLATFORMS
  ruby

DEPENDENCIES
  elm_install

RUBY VERSION
   ruby 2.2.2p95

BUNDLED WITH
   1.13.6
